GEM
  remote: https://rubygems.org/
  specs:
    bitters (0.10.1)
      bourbon (>= 3.2)
      sass (>= 3.2)
      thor
    bourbon (3.2.3)
      sass (~> 3.2)
      thor
    neat (1.6.0)
      bourbon (>= 3.1)
      sass (>= 3.3)
    rake (10.4.2)
    sass (3.3.0)
      rake
    thor (0.19.1)

PLATFORMS
  ruby

DEPENDENCIES
  bitters
  bourbon (= 3.2.3)
  neat
  sass (= 3.3.0)
